PATH
  remote: ..
  specs:
    json-odf-report (0.4.4)
      nokogiri (>= 1.10.2)
      rubyzip (~> 1.2.2)
      zip-zip (~> 0.3.0)

GEM
  remote: https://rubygems.org/
  specs:
    byebug (11.0.1)
    json (2.2.0)
    mini_portile2 (2.4.0)
    nokogiri (1.10.2-x64-mingw32)
      mini_portile2 (~> 2.4.0)
    rubyzip (1.2.2)
    zip-zip (0.3)
      rubyzip (>= 1.0.0)

PLATFORMS
  x64-mingw32
  x86-mingw32

DEPENDENCIES
  byebug
  json
  json-odf-report!

BUNDLED WITH
   1.17.2
